PATH
  remote: .
  specs:
    es_logger (1.5.2)
      connection_pool (~> 2.2.2, >= 2.2.2)
      elasticsearch (~> 7.4)
      elasticsearch-persistence (~> 7.0.0, >= 7.0.0)
      jwt (~> 2.2.2)
      rack (~> 2.0)
      sidekiq (>= 5.1.3, <= 6.1.2)

GEM
  remote: https://rubygems.org/
  specs:
    activemodel (6.0.3.4)
      activesupport (= 6.0.3.4)
    activesupport (6.0.3.4)
      concurrent-ruby (~> 1.0, >= 1.0.2)
      i18n (>= 0.7, < 2)
      minitest (~> 5.1)
      tzinfo (~> 1.1)
      zeitwerk (~> 2.2, >= 2.2.2)
    ansi (1.5.0)
    ast (2.4.0)
    coderay (1.1.2)
    concurrent-ruby (1.1.7)
    connection_pool (2.2.3)
    diff-lcs (1.3)
    docile (1.3.2)
    elasticsearch (7.5.0)
      elasticsearch-api (= 7.5.0)
      elasticsearch-transport (= 7.5.0)
    elasticsearch-api (7.5.0)
      multi_json
    elasticsearch-extensions (0.0.31)
      ansi
      elasticsearch
    elasticsearch-model (7.0.0)
      activesupport (> 3)
      elasticsearch (> 1)
      hashie
    elasticsearch-persistence (7.0.0)
      activemodel (> 4)
      activesupport (> 4)
      elasticsearch (~> 7)
      elasticsearch-model (= 7.0.0)
      hashie
    elasticsearch-transport (7.5.0)
      faraday (>= 0.14, < 1)
      multi_json
    faraday (0.17.3)
      multipart-post (>= 1.2, < 3)
    hashie (4.1.0)
    i18n (1.8.5)
      concurrent-ruby (~> 1.0)
    jaro_winkler (1.5.4)
    json (2.3.0)
    jwt (2.2.2)
    method_source (0.9.2)
    minitest (5.14.2)
    multi_json (1.14.1)
    multipart-post (2.1.1)
    parallel (1.19.1)
    parser (2.7.1.0)
      ast (~> 2.4.0)
    pry (0.12.2)
      coderay (~> 1.1.0)
      method_source (~> 0.9.0)
    rack (2.2.3.1)
    rainbow (3.0.0)
    rake (12.3.3)
    redis (4.2.5)
    rspec (3.8.0)
      rspec-core (~> 3.8.0)
      rspec-expectations (~> 3.8.0)
      rspec-mocks (~> 3.8.0)
    rspec-core (3.8.2)
      rspec-support (~> 3.8.0)
    rspec-expectations (3.8.6)
      diff-lcs (>= 1.2.0, < 2.0)
      rspec-support (~> 3.8.0)
    rspec-mocks (3.8.2)
      diff-lcs (>= 1.2.0, < 2.0)
      rspec-support (~> 3.8.0)
    rspec-support (3.8.3)
    rubocop (0.75.1)
      jaro_winkler (~> 1.5.1)
      parallel (~> 1.10)
      parser (>= 2.6)
      rainbow (>= 2.2.2, < 4.0)
      ruby-progressbar (~> 1.7)
      unicode-display_width (>= 1.4.0, < 1.7)
    ruby-progressbar (1.10.1)
    sidekiq (6.1.2)
      connection_pool (>= 2.2.2)
      rack (~> 2.0)
      redis (>= 4.2.0)
    simplecov (0.17.1)
      docile (~> 1.1)
      json (>= 1.8, < 3)
      simplecov-html (~> 0.10.0)
    simplecov-html (0.10.2)
    thread_safe (0.3.6)
    tzinfo (1.2.8)
      thread_safe (~> 0.1)
    unicode-display_width (1.6.1)
    zeitwerk (2.4.2)

PLATFORMS
  ruby

DEPENDENCIES
  elasticsearch-extensions (~> 0.0.31)
  es_logger!
  pry (~> 0.12.2)
  rake (~> 12.0)
  rspec (~> 3.8, <= 3.8)
  rubocop (~> 0.75.0)
  simplecov (~> 0.17.0)

BUNDLED WITH
   2.1.4
